PATH
  remote: /Users/pim/RnD/Gems/exact_online_cli
  specs:
    exact_online_cli (0.0.1)
      elmas
      text-table (~> 1.2)
      thor (~> 0.19)

PATH
  remote: /Users/pim/RnD/forks/exactonline-api-ruby-client
  specs:
    elmas (0.2.0)
      activesupport
      faraday (>= 0.8, < 0.10)
      mechanize (= 2.6.0)

GEM
  remote: https://rubygems.org/
  specs:
    activesupport (4.2.5)
      i18n (~> 0.7)
      json (~> 1.7, >= 1.7.7)
      minitest (~> 5.1)
      thread_safe (~> 0.3, >= 0.3.4)
      tzinfo (~> 1.1)
    bubble-wrap (1.9.5)
    dbt (1.2.0)
    domain_name (0.5.25)
      unf (>= 0.0.5, < 1.0.0)
    faraday (0.9.2)
      multipart-post (>= 1.2, < 3)
    i18n (0.7.0)
    json (1.8.3)
    mechanize (2.6.0)
      domain_name (~> 0.5, >= 0.5.1)
      mime-types (~> 1.17, >= 1.17.2)
      net-http-digest_auth (~> 1.1, >= 1.1.1)
      net-http-persistent (~> 2.5, >= 2.5.2)
      nokogiri (~> 1.4)
      ntlm-http (~> 0.1, >= 0.1.1)
      webrobots (>= 0.0.9, < 0.2)
    mime-types (1.25.1)
    mini_portile (0.6.2)
    minitest (5.8.3)
    motion-kit (0.10.1)
      dbt
    motion-kit-events (0.3.1)
      dbt
      motion-kit
    multipart-post (2.0.0)
    net-http-digest_auth (1.4)
    net-http-persistent (2.9.4)
    nokogiri (1.6.6.4)
      mini_portile (~> 0.6.0)
    ntlm-http (0.1.1)
    rake (10.4.2)
    text-table (1.2.4)
    thor (0.19.1)
    thread_safe (0.3.5)
    tzinfo (1.2.2)
      thread_safe (~> 0.1)
    unf (0.1.4)
      unf_ext
    unf_ext (0.0.7.1)
    webrobots (0.1.1)

PLATFORMS
  ruby

DEPENDENCIES
  bubble-wrap (~> 1.9.4)
  elmas!
  exact_online_cli!
  motion-kit
  motion-kit-events
  rake
