PATH
  remote: /Users/pim/RnD/Gems/exact_online_apidoc_parser
  specs:
    exact_online_apidoc_parser (0.0.1)

PATH
  remote: /Users/pim/RnD/Gems/exact_online_cli
  specs:
    exact_online_cli (0.0.1)
      elmas
      text-table (~> 1.2)
      thor (~> 0.19)

PATH
  remote: /Users/pim/RnD/forks/exactonline-api-ruby-client
  specs:
    elmas (0.2.0)
      activesupport
      faraday (>= 0.8, < 0.10)
      mechanize (= 2.6.0)

GEM
  remote: https://rubygems.org/
  specs:
    activesupport (4.2.5)
      i18n (~> 0.7)
      json (~> 1.7, >= 1.7.7)
      minitest (~> 5.1)
      thread_safe (~> 0.3, >= 0.3.4)
      tzinfo (~> 1.1)
    bubble-wrap (1.9.5)
    claide (0.9.1)
    cocoapods (0.39.0)
      activesupport (>= 4.0.2)
      claide (~> 0.9.1)
      cocoapods-core (= 0.39.0)
      cocoapods-downloader (~> 0.9.3)
      cocoapods-plugins (~> 0.4.2)
      cocoapods-search (~> 0.1.0)
      cocoapods-stats (~> 0.6.2)
      cocoapods-trunk (~> 0.6.4)
      cocoapods-try (~> 0.5.1)
      colored (~> 1.2)
      escape (~> 0.0.4)
      molinillo (~> 0.4.0)
      nap (~> 1.0)
      xcodeproj (~> 0.28.2)
    cocoapods-core (0.39.0)
      activesupport (>= 4.0.2)
      fuzzy_match (~> 2.0.4)
      nap (~> 1.0)
    cocoapods-downloader (0.9.3)
    cocoapods-plugins (0.4.2)
      nap
    cocoapods-search (0.1.0)
    cocoapods-stats (0.6.2)
    cocoapods-trunk (0.6.4)
      nap (>= 0.8, < 2.0)
      netrc (= 0.7.8)
    cocoapods-try (0.5.1)
    colored (1.2)
    dbt (1.2.0)
    domain_name (0.5.25)
      unf (>= 0.0.5, < 1.0.0)
    escape (0.0.4)
    faraday (0.9.2)
      multipart-post (>= 1.2, < 3)
    fuzzy_match (2.0.4)
    i18n (0.7.0)
    json (1.8.3)
    mechanize (2.6.0)
      domain_name (~> 0.5, >= 0.5.1)
      mime-types (~> 1.17, >= 1.17.2)
      net-http-digest_auth (~> 1.1, >= 1.1.1)
      net-http-persistent (~> 2.5, >= 2.5.2)
      nokogiri (~> 1.4)
      ntlm-http (~> 0.1, >= 0.1.1)
      webrobots (>= 0.0.9, < 0.2)
    mime-types (1.25.1)
    mini_portile2 (2.0.0)
    minitest (5.8.3)
    molinillo (0.4.0)
    motion-cocoapods (1.7.8)
      cocoapods (>= 0.34)
    motion-kit (0.10.1)
      dbt
    motion-kit-events (0.3.1)
      dbt
      motion-kit
    multipart-post (2.0.0)
    nap (1.0.0)
    net-http-digest_auth (1.4)
    net-http-persistent (2.9.4)
    netrc (0.7.8)
    nokogiri (1.6.7.1)
      mini_portile2 (~> 2.0.0.rc2)
    ntlm-http (0.1.1)
    rake (10.4.2)
    text-table (1.2.4)
    thor (0.19.1)
    thread_safe (0.3.5)
    tzinfo (1.2.2)
      thread_safe (~> 0.1)
    unf (0.1.4)
      unf_ext
    unf_ext (0.0.7.1)
    webrobots (0.1.1)
    xcodeproj (0.28.2)
      activesupport (>= 3)
      claide (~> 0.9.1)
      colored (~> 1.2)

PLATFORMS
  ruby

DEPENDENCIES
  bubble-wrap (~> 1.9.4)
  elmas!
  exact_online_apidoc_parser!
  exact_online_cli!
  motion-cocoapods
  motion-kit
  motion-kit-events
  rake
